GEM
  remote: https://rubygems.org/
  specs:
    pdf-core (0.9.0)
    prawn (2.4.0)
      pdf-core (~> 0.9.0)
      ttfunk (~> 1.7)
    prawn-table (0.2.2)
      prawn (>= 1.3.0, < 3.0.0)
    ttfunk (1.7.0)

PLATFORMS
  x64-mingw-ucrt

DEPENDENCIES
  prawn (~> 2.4)
  prawn-table (~> 0.2.2)

RUBY VERSION
   ruby 3.1.2p20

BUNDLED WITH
   2.3.22
